GEM
  remote: https://rubygems.org/
  specs:
    async (2.17.0)
      console (~> 1.26)
      fiber-annotation
      io-event (~> 1.6, >= 1.6.5)
    async-http (0.79.0)
      async (>= 2.10.2)
      async-pool (~> 0.7)
      io-endpoint (~> 0.11)
      io-stream (~> 0.4)
      protocol-http (~> 0.37)
      protocol-http1 (~> 0.27)
      protocol-http2 (~> 0.19)
      traces (>= 0.10)
    async-io (1.43.2)
      async
    async-pool (0.8.1)
      async (>= 1.25)
      metrics
      traces
    async-websocket (0.30.0)
      async-http (~> 0.76)
      protocol-http (~> 0.34)
      protocol-rack (~> 0.7)
      protocol-websocket (~> 0.17)
    base64 (0.2.0)
    bcrypt (3.1.20)
    concurrent-ruby (1.3.4)
    connection_pool (2.4.1)
    console (1.27.0)
      fiber-annotation
      fiber-local (~> 1.1)
      json
    ffi (1.17.0-aarch64-linux-gnu)
    fiber-annotation (0.2.0)
    fiber-local (1.1.0)
      fiber-storage
    fiber-storage (1.0.0)
    io-endpoint (0.13.1)
    io-event (1.6.5)
    io-stream (0.4.1)
    json (2.7.2)
    jwt (2.9.1)
      base64
    listen (3.9.0)
      rb-fsevent (~> 0.10, >= 0.10.3)
      rb-inotify (~> 0.9, >= 0.9.10)
    metrics (0.10.2)
    pg (1.5.8)
    protocol-hpack (1.5.1)
    protocol-http (0.37.0)
    protocol-http1 (0.27.0)
      protocol-http (~> 0.22)
    protocol-http2 (0.19.2)
      protocol-hpack (~> 1.4)
      protocol-http (~> 0.18)
    protocol-rack (0.10.0)
      protocol-http (~> 0.37)
      rack (>= 1.0)
    protocol-websocket (0.19.0)
      protocol-http (~> 0.2)
    rack (3.1.7)
    rb-fsevent (0.11.2)
    rb-inotify (0.11.1)
      ffi (~> 1.0)
    rerun (0.14.0)
      listen (~> 3.0)
    traces (0.13.1)
    tzinfo (2.0.6)
      concurrent-ruby (~> 1.0)

PLATFORMS
  aarch64-linux

DEPENDENCIES
  async
  async-io
  async-websocket
  bcrypt
  connection_pool
  json
  jwt
  pg
  rerun
  tzinfo

BUNDLED WITH
   2.3.27
