GEM
  remote: https://rubygems.org/
  specs:
    ffi (1.17.0)
    listen (3.9.0)
      rb-fsevent (~> 0.10, >= 0.10.3)
      rb-inotify (~> 0.9, >= 0.9.10)
    rb-fsevent (0.11.2)
    rb-inotify (0.11.1)
      ffi (~> 1.0)
    rerun (0.11.0)
      listen (~> 3.0)
    webrick (1.8.1)

PLATFORMS
  x64-mingw-ucrt
  x86_64-linux

DEPENDENCIES
  rerun (~> 0.11.0)
  webrick

BUNDLED WITH
   2.5.16
